GEM
  remote: https://rubygems.org/
  specs:
    dotenv (2.8.1)
    json (2.6.2)
    multi_json (1.15.0)
    mustermann (3.0.0)
      ruby2_keywords (~> 0.0.1)
    nio4r (2.5.8)
    pg (1.4.4-x64-mingw-ucrt)
    puma (6.0.0)
      nio4r (~> 2.0)
    rack (2.2.4)
    rack-protection (3.0.3)
      rack
    rake (13.0.6)
    ruby2_keywords (0.0.5)
    sequel (5.62.0)
    sequel-seed (1.1.2)
      sequel (>= 4.49.0)
    sinatra (3.0.3)
      mustermann (~> 3.0)
      rack (~> 2.2, >= 2.2.4)
      rack-protection (= 3.0.3)
      tilt (~> 2.0)
    sinatra-contrib (3.0.3)
      multi_json
      mustermann (~> 3.0)
      rack-protection (= 3.0.3)
      sinatra (= 3.0.3)
      tilt (~> 2.0)
    tilt (2.0.11)

PLATFORMS
  x64-mingw-ucrt

DEPENDENCIES
  dotenv
  json
  pg
  puma
  rake
  sequel
  sequel-seed
  sinatra
  sinatra-contrib

BUNDLED WITH
   2.3.14
